STORAGE: NONE
RESTRICTION: == netstandard2.0
NUGET
  remote: https://api.nuget.org/v3/index.json
    Apache.Avro (1.11.2)
      Newtonsoft.Json (>= 10.0.3)
      System.CodeDom (>= 7.0)
    AvroSchemaGenerator (2.9.2)
      System.ComponentModel.Annotations (>= 5.0)
      System.Text.Json (>= 7.0.3)
    DerConverter (3.0.0.82)
    FSharp.Core (7.0.400)
    FSharp.UMX (1.1)
      FSharp.Core (>= 4.3.4)
    K4os.Compression.LZ4 (1.3.5)
      System.Memory (>= 4.5.5)
      System.Runtime.CompilerServices.Unsafe (>= 5.0)
    libsodium (1.0.18.4)
    Microsoft.Bcl.AsyncInterfaces (7.0)
      System.Threading.Tasks.Extensions (>= 4.5.4)
    Microsoft.Extensions.Caching.Abstractions (7.0)
      Microsoft.Extensions.Primitives (>= 7.0)
    Microsoft.Extensions.Caching.Memory (7.0)
      Microsoft.Extensions.Caching.Abstractions (>= 7.0)
      Microsoft.Extensions.DependencyInjection.Abstractions (>= 7.0)
      Microsoft.Extensions.Logging.Abstractions (>= 7.0)
      Microsoft.Extensions.Options (>= 7.0)
      Microsoft.Extensions.Primitives (>= 7.0)
    Microsoft.Extensions.DependencyInjection (7.0)
      Microsoft.Bcl.AsyncInterfaces (>= 7.0)
      Microsoft.Extensions.DependencyInjection.Abstractions (>= 7.0)
      System.Threading.Tasks.Extensions (>= 4.5.4)
    Microsoft.Extensions.DependencyInjection.Abstractions (7.0)
      Microsoft.Bcl.AsyncInterfaces (>= 7.0)
      System.Threading.Tasks.Extensions (>= 4.5.4)
    Microsoft.Extensions.Logging (7.0)
      Microsoft.Bcl.AsyncInterfaces (>= 7.0)
      Microsoft.Extensions.DependencyInjection (>= 7.0)
      Microsoft.Extensions.DependencyInjection.Abstractions (>= 7.0)
      Microsoft.Extensions.Logging.Abstractions (>= 7.0)
      Microsoft.Extensions.Options (>= 7.0)
      System.Diagnostics.DiagnosticSource (>= 7.0)
    Microsoft.Extensions.Logging.Abstractions (7.0.1)
      System.Buffers (>= 4.5.1)
      System.Memory (>= 4.5.5)
    Microsoft.Extensions.Options (7.0.1)
      Microsoft.Extensions.DependencyInjection.Abstractions (>= 7.0)
      Microsoft.Extensions.Primitives (>= 7.0)
      System.ComponentModel.Annotations (>= 5.0)
    Microsoft.Extensions.Primitives (7.0)
      System.Memory (>= 4.5.5)
      System.Runtime.CompilerServices.Unsafe (>= 6.0)
    Microsoft.IO.RecyclableMemoryStream (2.3.2)
      System.Memory (>= 4.5.5)
    Microsoft.NETCore.Platforms (7.0.4)
    NETStandard.Library (2.0.3)
      Microsoft.NETCore.Platforms (>= 1.1)
    Newtonsoft.Json (13.0.3)
    NSec.Cryptography (20.2)
      libsodium (>= 1.0.18 < 1.0.19)
      System.Memory (>= 4.5.3)
      System.Runtime.CompilerServices.Unsafe (>= 4.7)
    PemUtils (3.0.0.82)
      DerConverter (>= 3.0.0.82)
    Pipelines.Sockets.Unofficial (2.2.8)
      System.IO.Pipelines (>= 5.0.1)
    protobuf-net (3.2.26)
      protobuf-net.Core (>= 3.2.26)
      System.Reflection.Emit (>= 4.7)
      System.Reflection.Emit.Lightweight (>= 4.7)
    protobuf-net.Core (3.2.26)
      System.Collections.Immutable (>= 7.0)
      System.Memory (>= 4.5.5)
    protobuf-net.Reflection (3.2.12)
      protobuf-net.Core (>= 3.2.12)
    Snappy.Standard (0.2)
      NETStandard.Library (>= 1.6)
    System.Buffers (4.5.1)
    System.CodeDom (7.0)
    System.Collections.Immutable (7.0)
      System.Memory (>= 4.5.5)
      System.Runtime.CompilerServices.Unsafe (>= 6.0)
    System.ComponentModel.Annotations (5.0)
    System.Diagnostics.DiagnosticSource (7.0.2)
      System.Memory (>= 4.5.5)
      System.Runtime.CompilerServices.Unsafe (>= 6.0)
    System.IO.Pipelines (7.0)
      System.Buffers (>= 4.5.1)
      System.Memory (>= 4.5.5)
      System.Threading.Tasks.Extensions (>= 4.5.4)
    System.Memory (4.5.5)
      System.Buffers (>= 4.5.1)
      System.Numerics.Vectors (>= 4.4)
      System.Runtime.CompilerServices.Unsafe (>= 4.5.3)
    System.Numerics.Vectors (4.5)
    System.Reflection.Emit (4.7)
      System.Reflection.Emit.ILGeneration (>= 4.7)
    System.Reflection.Emit.ILGeneration (4.7)
    System.Reflection.Emit.Lightweight (4.7)
      System.Reflection.Emit.ILGeneration (>= 4.7)
    System.Runtime.CompilerServices.Unsafe (6.0)
    System.Text.Encodings.Web (7.0)
      System.Buffers (>= 4.5.1)
      System.Memory (>= 4.5.5)
      System.Runtime.CompilerServices.Unsafe (>= 6.0)
    System.Text.Json (7.0.3)
      Microsoft.Bcl.AsyncInterfaces (>= 7.0)
      System.Buffers (>= 4.5.1)
      System.Memory (>= 4.5.5)
      System.Numerics.Vectors (>= 4.5)
      System.Runtime.CompilerServices.Unsafe (>= 6.0)
      System.Text.Encodings.Web (>= 7.0)
      System.Threading.Tasks.Extensions (>= 4.5.4)
    System.Threading.Channels (7.0)
      System.Threading.Tasks.Extensions (>= 4.5.4)
    System.Threading.Tasks.Extensions (4.5.4)
      System.Runtime.CompilerServices.Unsafe (>= 4.5.3)
    zlib.net-mutliplatform (1.0.6)
    ZstdNet (1.4.5)
      System.Memory (>= 4.5.4)

GROUP Examples
STORAGE: NONE
RESTRICTION: == net7.0
NUGET
  remote: https://api.nuget.org/v3/index.json
    Apache.Avro (1.11.2)
      Newtonsoft.Json (>= 10.0.3)
      System.CodeDom (>= 7.0)
    AvroSchemaGenerator (2.9.2)
      System.ComponentModel.Annotations (>= 5.0)
      System.Text.Json (>= 7.0.3)
    DerConverter (3.0.0.82)
    FSharp.Core (7.0.400)
    FSharp.UMX (1.1)
      FSharp.Core (>= 4.3.4)
    K4os.Compression.LZ4 (1.3.5)
    libsodium (1.0.18.4)
    Microsoft.Bcl.AsyncInterfaces (7.0)
    Microsoft.Extensions.Caching.Abstractions (7.0)
      Microsoft.Extensions.Primitives (>= 7.0)
    Microsoft.Extensions.Caching.Memory (7.0)
      Microsoft.Extensions.Caching.Abstractions (>= 7.0)
      Microsoft.Extensions.DependencyInjection.Abstractions (>= 7.0)
      Microsoft.Extensions.Logging.Abstractions (>= 7.0)
      Microsoft.Extensions.Options (>= 7.0)
      Microsoft.Extensions.Primitives (>= 7.0)
    Microsoft.Extensions.Configuration (7.0)
      Microsoft.Extensions.Configuration.Abstractions (>= 7.0)
      Microsoft.Extensions.Primitives (>= 7.0)
    Microsoft.Extensions.Configuration.Abstractions (7.0)
      Microsoft.Extensions.Primitives (>= 7.0)
    Microsoft.Extensions.Configuration.Binder (7.0.4)
      Microsoft.Extensions.Configuration.Abstractions (>= 7.0)
    Microsoft.Extensions.DependencyInjection (7.0)
      Microsoft.Extensions.DependencyInjection.Abstractions (>= 7.0)
    Microsoft.Extensions.DependencyInjection.Abstractions (7.0)
    Microsoft.Extensions.Logging (7.0)
      Microsoft.Extensions.DependencyInjection (>= 7.0)
      Microsoft.Extensions.DependencyInjection.Abstractions (>= 7.0)
      Microsoft.Extensions.Logging.Abstractions (>= 7.0)
      Microsoft.Extensions.Options (>= 7.0)
    Microsoft.Extensions.Logging.Abstractions (7.0.1)
    Microsoft.Extensions.Logging.Configuration (7.0)
      Microsoft.Extensions.Configuration (>= 7.0)
      Microsoft.Extensions.Configuration.Abstractions (>= 7.0)
      Microsoft.Extensions.Configuration.Binder (>= 7.0)
      Microsoft.Extensions.DependencyInjection.Abstractions (>= 7.0)
      Microsoft.Extensions.Logging (>= 7.0)
      Microsoft.Extensions.Logging.Abstractions (>= 7.0)
      Microsoft.Extensions.Options (>= 7.0)
      Microsoft.Extensions.Options.ConfigurationExtensions (>= 7.0)
    Microsoft.Extensions.Logging.Console (7.0)
      Microsoft.Extensions.DependencyInjection.Abstractions (>= 7.0)
      Microsoft.Extensions.Logging (>= 7.0)
      Microsoft.Extensions.Logging.Abstractions (>= 7.0)
      Microsoft.Extensions.Logging.Configuration (>= 7.0)
      Microsoft.Extensions.Options (>= 7.0)
      System.Text.Json (>= 7.0)
    Microsoft.Extensions.Options (7.0.1)
      Microsoft.Extensions.DependencyInjection.Abstractions (>= 7.0)
      Microsoft.Extensions.Primitives (>= 7.0)
    Microsoft.Extensions.Options.ConfigurationExtensions (7.0)
      Microsoft.Extensions.Configuration.Abstractions (>= 7.0)
      Microsoft.Extensions.Configuration.Binder (>= 7.0)
      Microsoft.Extensions.DependencyInjection.Abstractions (>= 7.0)
      Microsoft.Extensions.Options (>= 7.0)
      Microsoft.Extensions.Primitives (>= 7.0)
    Microsoft.Extensions.Primitives (7.0)
    Microsoft.IO.RecyclableMemoryStream (2.3.2)
    Microsoft.NETCore.Platforms (7.0.4)
    NETStandard.Library (2.0.3)
      Microsoft.NETCore.Platforms (>= 1.1)
    Newtonsoft.Json (13.0.3)
    NSec.Cryptography (20.2)
      libsodium (>= 1.0.18 < 1.0.19)
      System.Runtime.CompilerServices.Unsafe (>= 4.7)
    OpenTelemetry (1.5.1)
      Microsoft.Extensions.Logging.Configuration (>= 3.1)
      OpenTelemetry.Api.ProviderBuilderExtensions (>= 1.5.1)
    OpenTelemetry.Api (1.5.1)
      System.Diagnostics.DiagnosticSource (>= 7.0)
    OpenTelemetry.Api.ProviderBuilderExtensions (1.5.1)
      Microsoft.Extensions.DependencyInjection.Abstractions (>= 3.1)
      OpenTelemetry.Api (>= 1.5.1)
    OpenTelemetry.Exporter.Console (1.5.1)
      OpenTelemetry (>= 1.5.1)
      System.Text.Encodings.Web (>= 4.7.2)
      System.Text.Json (>= 4.7.2)
    PemUtils (3.0.0.82)
      DerConverter (>= 3.0.0.82)
    Pipelines.Sockets.Unofficial (2.2.8)
      System.IO.Pipelines (>= 5.0.1)
    protobuf-net (3.2.26)
      protobuf-net.Core (>= 3.2.26)
    protobuf-net.Core (3.2.26)
      System.Collections.Immutable (>= 7.0)
    protobuf-net.Reflection (3.2.12)
      protobuf-net.Core (>= 3.2.12)
    Pulsar.Client (2.12.7)
      Apache.Avro (>= 1.11.2)
      AvroSchemaGenerator (>= 2.9.2)
      FSharp.Core (>= 7.0.300)
      FSharp.UMX (>= 1.1)
      K4os.Compression.LZ4 (>= 1.3.5)
      Microsoft.Bcl.AsyncInterfaces (>= 7.0)
      Microsoft.Extensions.Caching.Memory (>= 7.0)
      Microsoft.Extensions.Logging (>= 7.0)
      Microsoft.Extensions.Logging.Abstractions (>= 7.0.1)
      Microsoft.IO.RecyclableMemoryStream (>= 2.3.2)
      NSec.Cryptography (20.2)
      PemUtils (>= 3.0.0.82)
      Pipelines.Sockets.Unofficial (>= 2.2.8)
      protobuf-net (>= 3.2.26)
      protobuf-net.Reflection (>= 3.2.12)
      Snappy.Standard (>= 0.2)
      System.IO.Pipelines (>= 7.0)
      System.Text.Json (>= 7.0.3)
      System.Threading.Channels (>= 7.0)
      zlib.net-mutliplatform (>= 1.0.6)
      ZstdNet (>= 1.4.5)
    Pulsar.Client.Otel (0.1.2)
      AvroSchemaGenerator (>= 2.7)
      OpenTelemetry.Api (>= 1.3.1)
      Pulsar.Client (>= 2.10.4)
      System.Diagnostics.DiagnosticSource (>= 6.0)
      System.Threading.Channels (>= 6.0)
    Snappy.Standard (0.2)
      NETStandard.Library (>= 1.6)
    System.CodeDom (7.0)
    System.Collections.Immutable (7.0)
    System.ComponentModel.Annotations (5.0)
    System.Diagnostics.DiagnosticSource (7.0.2)
    System.IO.Pipelines (7.0)
    System.Runtime.CompilerServices.Unsafe (6.0)
    System.Text.Encodings.Web (7.0)
    System.Text.Json (7.0.3)
      System.Text.Encodings.Web (>= 7.0)
    System.Threading.Channels (7.0)
    zlib.net-mutliplatform (1.0.6)
    ZstdNet (1.4.5)

GROUP OTel
STORAGE: NONE
RESTRICTION: == netstandard2.0
NUGET
  remote: https://api.nuget.org/v3/index.json
    Apache.Avro (1.11.2)
      Newtonsoft.Json (>= 10.0.3)
      System.CodeDom (>= 7.0)
    AvroSchemaGenerator (2.9.2)
      System.ComponentModel.Annotations (>= 5.0)
      System.Text.Json (>= 7.0.3)
    DerConverter (3.0.0.82)
    FSharp.Core (7.0.400)
    FSharp.UMX (1.1)
      FSharp.Core (>= 4.3.4)
    K4os.Compression.LZ4 (1.3.5)
      System.Memory (>= 4.5.5)
      System.Runtime.CompilerServices.Unsafe (>= 5.0)
    libsodium (1.0.18.4)
    Microsoft.Bcl.AsyncInterfaces (7.0)
      System.Threading.Tasks.Extensions (>= 4.5.4)
    Microsoft.Extensions.Caching.Abstractions (7.0)
      Microsoft.Extensions.Primitives (>= 7.0)
    Microsoft.Extensions.Caching.Memory (7.0)
      Microsoft.Extensions.Caching.Abstractions (>= 7.0)
      Microsoft.Extensions.DependencyInjection.Abstractions (>= 7.0)
      Microsoft.Extensions.Logging.Abstractions (>= 7.0)
      Microsoft.Extensions.Options (>= 7.0)
      Microsoft.Extensions.Primitives (>= 7.0)
    Microsoft.Extensions.Configuration (7.0)
      Microsoft.Extensions.Configuration.Abstractions (>= 7.0)
      Microsoft.Extensions.Primitives (>= 7.0)
    Microsoft.Extensions.Configuration.Abstractions (7.0)
      Microsoft.Extensions.Primitives (>= 7.0)
    Microsoft.Extensions.Configuration.Binder (7.0.4)
      Microsoft.Extensions.Configuration.Abstractions (>= 7.0)
    Microsoft.Extensions.DependencyInjection (7.0)
      Microsoft.Bcl.AsyncInterfaces (>= 7.0)
      Microsoft.Extensions.DependencyInjection.Abstractions (>= 7.0)
      System.Threading.Tasks.Extensions (>= 4.5.4)
    Microsoft.Extensions.DependencyInjection.Abstractions (7.0)
      Microsoft.Bcl.AsyncInterfaces (>= 7.0)
      System.Threading.Tasks.Extensions (>= 4.5.4)
    Microsoft.Extensions.Logging (7.0)
      Microsoft.Bcl.AsyncInterfaces (>= 7.0)
      Microsoft.Extensions.DependencyInjection (>= 7.0)
      Microsoft.Extensions.DependencyInjection.Abstractions (>= 7.0)
      Microsoft.Extensions.Logging.Abstractions (>= 7.0)
      Microsoft.Extensions.Options (>= 7.0)
      System.Diagnostics.DiagnosticSource (>= 7.0)
    Microsoft.Extensions.Logging.Abstractions (7.0.1)
      System.Buffers (>= 4.5.1)
      System.Memory (>= 4.5.5)
    Microsoft.Extensions.Logging.Configuration (7.0)
      Microsoft.Extensions.Configuration (>= 7.0)
      Microsoft.Extensions.Configuration.Abstractions (>= 7.0)
      Microsoft.Extensions.Configuration.Binder (>= 7.0)
      Microsoft.Extensions.DependencyInjection.Abstractions (>= 7.0)
      Microsoft.Extensions.Logging (>= 7.0)
      Microsoft.Extensions.Logging.Abstractions (>= 7.0)
      Microsoft.Extensions.Options (>= 7.0)
      Microsoft.Extensions.Options.ConfigurationExtensions (>= 7.0)
    Microsoft.Extensions.Logging.Console (7.0)
      Microsoft.Bcl.AsyncInterfaces (>= 7.0)
      Microsoft.Extensions.DependencyInjection.Abstractions (>= 7.0)
      Microsoft.Extensions.Logging (>= 7.0)
      Microsoft.Extensions.Logging.Abstractions (>= 7.0)
      Microsoft.Extensions.Logging.Configuration (>= 7.0)
      Microsoft.Extensions.Options (>= 7.0)
      System.Buffers (>= 4.5.1)
      System.Text.Json (>= 7.0)
    Microsoft.Extensions.Options (7.0.1)
      Microsoft.Extensions.DependencyInjection.Abstractions (>= 7.0)
      Microsoft.Extensions.Primitives (>= 7.0)
      System.ComponentModel.Annotations (>= 5.0)
    Microsoft.Extensions.Options.ConfigurationExtensions (7.0)
      Microsoft.Extensions.Configuration.Abstractions (>= 7.0)
      Microsoft.Extensions.Configuration.Binder (>= 7.0)
      Microsoft.Extensions.DependencyInjection.Abstractions (>= 7.0)
      Microsoft.Extensions.Options (>= 7.0)
      Microsoft.Extensions.Primitives (>= 7.0)
    Microsoft.Extensions.Primitives (7.0)
      System.Memory (>= 4.5.5)
      System.Runtime.CompilerServices.Unsafe (>= 6.0)
    Microsoft.IO.RecyclableMemoryStream (2.3.2)
      System.Memory (>= 4.5.5)
    Microsoft.NETCore.Platforms (7.0.4)
    NETStandard.Library (2.0.3)
      Microsoft.NETCore.Platforms (>= 1.1)
    Newtonsoft.Json (13.0.3)
    NSec.Cryptography (20.2)
      libsodium (>= 1.0.18 < 1.0.19)
      System.Memory (>= 4.5.3)
      System.Runtime.CompilerServices.Unsafe (>= 4.7)
    OpenTelemetry.Api (1.5.1)
      System.Diagnostics.DiagnosticSource (>= 7.0)
    PemUtils (3.0.0.82)
      DerConverter (>= 3.0.0.82)
    Pipelines.Sockets.Unofficial (2.2.8)
      System.IO.Pipelines (>= 5.0.1)
    protobuf-net (3.2.26)
      protobuf-net.Core (>= 3.2.26)
      System.Reflection.Emit (>= 4.7)
      System.Reflection.Emit.Lightweight (>= 4.7)
    protobuf-net.Core (3.2.26)
      System.Collections.Immutable (>= 7.0)
      System.Memory (>= 4.5.5)
    protobuf-net.Reflection (3.2.12)
      protobuf-net.Core (>= 3.2.12)
    Pulsar.Client (2.12.7)
      Apache.Avro (>= 1.11.2)
      AvroSchemaGenerator (>= 2.9.2)
      FSharp.Core (>= 7.0.300)
      FSharp.UMX (>= 1.1)
      K4os.Compression.LZ4 (>= 1.3.5)
      Microsoft.Bcl.AsyncInterfaces (>= 7.0)
      Microsoft.Extensions.Caching.Memory (>= 7.0)
      Microsoft.Extensions.Logging (>= 7.0)
      Microsoft.Extensions.Logging.Abstractions (>= 7.0.1)
      Microsoft.IO.RecyclableMemoryStream (>= 2.3.2)
      NSec.Cryptography (20.2)
      PemUtils (>= 3.0.0.82)
      Pipelines.Sockets.Unofficial (>= 2.2.8)
      protobuf-net (>= 3.2.26)
      protobuf-net.Reflection (>= 3.2.12)
      Snappy.Standard (>= 0.2)
      System.IO.Pipelines (>= 7.0)
      System.Text.Json (>= 7.0.3)
      System.Threading.Channels (>= 7.0)
      zlib.net-mutliplatform (>= 1.0.6)
      ZstdNet (>= 1.4.5)
    Snappy.Standard (0.2)
      NETStandard.Library (>= 1.6)
    System.Buffers (4.5.1)
    System.CodeDom (7.0)
    System.Collections.Immutable (7.0)
      System.Memory (>= 4.5.5)
      System.Runtime.CompilerServices.Unsafe (>= 6.0)
    System.ComponentModel.Annotations (5.0)
    System.Diagnostics.DiagnosticSource (7.0.2)
      System.Memory (>= 4.5.5)
      System.Runtime.CompilerServices.Unsafe (>= 6.0)
    System.IO.Pipelines (7.0)
      System.Buffers (>= 4.5.1)
      System.Memory (>= 4.5.5)
      System.Threading.Tasks.Extensions (>= 4.5.4)
    System.Memory (4.5.5)
      System.Buffers (>= 4.5.1)
      System.Numerics.Vectors (>= 4.4)
      System.Runtime.CompilerServices.Unsafe (>= 4.5.3)
    System.Numerics.Vectors (4.5)
    System.Reflection.Emit (4.7)
      System.Reflection.Emit.ILGeneration (>= 4.7)
    System.Reflection.Emit.ILGeneration (4.7)
    System.Reflection.Emit.Lightweight (4.7)
      System.Reflection.Emit.ILGeneration (>= 4.7)
    System.Runtime.CompilerServices.Unsafe (6.0)
    System.Text.Encodings.Web (7.0)
      System.Buffers (>= 4.5.1)
      System.Memory (>= 4.5.5)
      System.Runtime.CompilerServices.Unsafe (>= 6.0)
    System.Text.Json (7.0.3)
      Microsoft.Bcl.AsyncInterfaces (>= 7.0)
      System.Buffers (>= 4.5.1)
      System.Memory (>= 4.5.5)
      System.Numerics.Vectors (>= 4.5)
      System.Runtime.CompilerServices.Unsafe (>= 6.0)
      System.Text.Encodings.Web (>= 7.0)
      System.Threading.Tasks.Extensions (>= 4.5.4)
    System.Threading.Channels (7.0)
      System.Threading.Tasks.Extensions (>= 4.5.4)
    System.Threading.Tasks.Extensions (4.5.4)
      System.Runtime.CompilerServices.Unsafe (>= 4.5.3)
    zlib.net-mutliplatform (1.0.6)
    ZstdNet (1.4.5)
      System.Memory (>= 4.5.4)

GROUP Tests
STORAGE: NONE
RESTRICTION: == net7.0
NUGET
  remote: https://api.nuget.org/v3/index.json
    Apache.Avro (1.11.2)
      Newtonsoft.Json (>= 10.0.3)
      System.CodeDom (>= 7.0)
    Expecto (10.1)
      FSharp.Core (>= 7.0.200)
      Mono.Cecil (>= 0.11.4 < 1.0)
    Expecto.FsCheck (10.1)
      Expecto (>= 10.1)
      FsCheck (>= 2.16.5 < 3.0)
    FsCheck (2.16.6)
      FSharp.Core (>= 4.2.3)
    FSharp.Core (7.0.400)
    Microsoft.CodeCoverage (17.7)
    Microsoft.Extensions.DependencyInjection (7.0)
      Microsoft.Extensions.DependencyInjection.Abstractions (>= 7.0)
    Microsoft.Extensions.DependencyInjection.Abstractions (7.0)
    Microsoft.Extensions.Logging (7.0)
      Microsoft.Extensions.DependencyInjection (>= 7.0)
      Microsoft.Extensions.DependencyInjection.Abstractions (>= 7.0)
      Microsoft.Extensions.Logging.Abstractions (>= 7.0)
      Microsoft.Extensions.Options (>= 7.0)
    Microsoft.Extensions.Logging.Abstractions (7.0.1)
    Microsoft.Extensions.Options (7.0.1)
      Microsoft.Extensions.DependencyInjection.Abstractions (>= 7.0)
      Microsoft.Extensions.Primitives (>= 7.0)
    Microsoft.Extensions.Primitives (7.0)
    Microsoft.NET.Test.Sdk (17.7)
      Microsoft.CodeCoverage (>= 17.7)
      Microsoft.TestPlatform.TestHost (>= 17.7)
    Microsoft.TestPlatform.ObjectModel (17.7)
      NuGet.Frameworks (>= 6.5)
      System.Reflection.Metadata (>= 1.6)
    Microsoft.TestPlatform.TestHost (17.7)
      Microsoft.TestPlatform.ObjectModel (>= 17.7)
      Newtonsoft.Json (>= 13.0.1)
    Mono.Cecil (0.11.5)
    Newtonsoft.Json (13.0.3)
    NuGet.Frameworks (6.7)
    protobuf-net (3.2.26)
      protobuf-net.Core (>= 3.2.26)
    protobuf-net.Core (3.2.26)
      System.Collections.Immutable (>= 7.0)
    protobuf-net.Reflection (3.2.12)
      protobuf-net.Core (>= 3.2.12)
    Serilog (3.0.1)
    Serilog.Enrichers.Thread (3.1)
      Serilog (>= 2.3)
    Serilog.Extensions.Logging (7.0)
      Microsoft.Extensions.Logging (>= 7.0)
      Serilog (>= 2.12)
    Serilog.Sinks.Console (4.1)
      Serilog (>= 2.10)
    System.CodeDom (7.0)
    System.Collections.Immutable (7.0)
    System.Reflection.Metadata (7.0.2)
      System.Collections.Immutable (>= 7.0)
    YoloDev.Expecto.TestSdk (0.14.2)
      Expecto (>= 10.0 < 11.0)
      FSharp.Core (>= 7.0.200)
      System.Collections.Immutable (>= 6.0)
